PATH
  remote: .
  specs:
    rubert (0.0.1)

GEM
  remote: http://rubygems.org/
  specs:
    json (1.6.5)
    rake (0.9.2.2)
    rdoc (3.12)
      json (~> 1.4)

PLATFORMS
  ruby

DEPENDENCIES
  rake
  rdoc
  rubert!
